GEM
  remote: https://rubygems.org/
  specs:
    breakpoint (2.4.6)
      sass (~> 3.3.0)
      sassy-maps (< 1.0.0)
    capistrano (3.1.0)
      i18n
      rake (>= 10.0.0)
      sshkit (~> 1.3)
    capistrano-gridserver (0.0.3)
      capistrano (~> 3.0)
    colorize (0.7.3)
    i18n (0.6.11)
    net-scp (1.2.1)
      net-ssh (>= 2.6.5)
    net-ssh (2.9.1)
    rake (10.3.2)
    sass (3.3.14)
    sassy-maps (0.4.0)
      sass (~> 3.3)
    sshkit (1.5.1)
      colorize
      net-scp (>= 1.1.2)
      net-ssh (>= 2.8.0)
    susy (2.1.3)
      sass (>= 3.3.0, < 3.5)

PLATFORMS
  ruby

DEPENDENCIES
  breakpoint (~> 2.4.6)
  capistrano (~> 3.1.0)
  capistrano-gridserver
  sass (~> 3.3.14)
  susy (~> 2.1.3)
